GEM
  remote: https://rubygems.org/
  specs:
    require_all (1.3.3)

PLATFORMS
  java

DEPENDENCIES
  require_all

BUNDLED WITH
   1.10.6
